GEM
  remote: https://rubygems.org/
  specs:
    bubble-wrap (1.4.0)
    motion-require (0.1.1)
    motion-support (0.2.6)
      motion-require (>= 0.0.6)
    motion_model (0.5.0)
      bubble-wrap (>= 1.3.0)
      motion-support (>= 0.1.0)
    rake (10.0.4)

PLATFORMS
  ruby

DEPENDENCIES
  bubble-wrap
  motion_model
  rake
